GEM
  remote: https://rubygems.org/
  specs:
    rack (3.1.2)

PLATFORMS
  ruby

DEPENDENCIES
  rack

RUBY VERSION
   ruby 3.1.2

BUNDLED WITH
   2.0.1
