GEM
  remote: https://rubygems.org/
  specs:
    rack (3.3.24)

PLATFORMS
  ruby

DEPENDENCIES
  rack

RUBY VERSION
   ruby 3.0.0

BUNDLED WITH
   2.0.1
